GEM
  remote: https://rubygems.org/
  specs:
    ast (2.4.2)
    connection_pool (2.2.5)
    mustermann (1.1.2)
      ruby2_keywords (~> 0.0.1)
    nio4r (2.5.8)
    parallel (1.21.0)
    parser (3.1.0.0)
      ast (~> 2.4.1)
    puma (5.6.1)
      nio4r (~> 2.0)
    rack (2.2.3)
    rack-protection (2.2.0)
      rack
    rainbow (3.1.1)
    redis (4.5.1)
    regexp_parser (2.2.0)
    rexml (3.2.5)
    rubocop (1.25.0)
      parallel (~> 1.10)
      parser (>= 3.1.0.0)
      rainbow (>= 2.2.2, < 4.0)
      regexp_parser (>= 1.8, < 3.0)
      rexml
      rubocop-ast (>= 1.15.1, < 2.0)
      ruby-progressbar (~> 1.7)
      unicode-display_width (>= 1.4.0, < 3.0)
    rubocop-ast (1.15.1)
      parser (>= 3.0.1.1)
    rubocop-performance (1.13.2)
      rubocop (>= 1.7.0, < 2.0)
      rubocop-ast (>= 0.4.0)
    rubocop-rspec (2.8.0)
      rubocop (~> 1.19)
    ruby-progressbar (1.11.0)
    ruby2_keywords (0.0.5)
    sidekiq (6.4.0)
      connection_pool (>= 2.2.2)
      rack (~> 2.0)
      redis (>= 4.2.0)
    sinatra (2.2.0)
      mustermann (~> 1.0)
      rack (~> 2.2)
      rack-protection (= 2.2.0)
      tilt (~> 2.0)
    tilt (2.0.11)
    unicode-display_width (2.1.0)

PLATFORMS
  arm64-darwin-21
  x86_64-linux

DEPENDENCIES
  puma (~> 5.6)
  rack (~> 2.2)
  rubocop (~> 1.25)
  rubocop-performance (~> 1.13)
  rubocop-rspec (~> 2.8)
  sidekiq (~> 6.4)
  sinatra (~> 2.2)

BUNDLED WITH
   2.2.31
